GEM
  remote: http://rubygems.org/
  specs:
    activemodel (3.1.3)
      activesupport (= 3.1.3)
      builder (~> 3.0.0)
      i18n (~> 0.6)
    activeresource (3.1.3)
      activemodel (= 3.1.3)
      activesupport (= 3.1.3)
    activesupport (3.1.3)
      multi_json (~> 1.0)
    bson (1.5.2)
    builder (3.0.0)
    cucumber-sinatra (0.4.0)
      templater (>= 1.0.0)
    curb (0.7.17)
    daemons (1.1.5)
    diff-lcs (1.1.3)
    eventmachine (0.12.10)
    extlib (0.9.15)
    haml (3.1.4)
    highline (1.6.9)
    i18n (0.6.0)
    mongo (1.5.2)
      bson (= 1.5.2)
    multi_json (1.0.4)
    rack (1.4.0)
    sass (3.1.12)
    sinatra (1.1.0)
      rack (~> 1.1)
      tilt (~> 1.1)
    templater (1.0.0)
      diff-lcs (>= 1.1.2)
      extlib (>= 0.9.5)
      highline (>= 1.4.0)
    thin (1.2.7)
      daemons (>= 1.0.9)
      eventmachine (>= 0.12.6)
      rack (>= 1.0.0)
    tilt (1.3.3)

PLATFORMS
  ruby

DEPENDENCIES
  activeresource (= 3.1.3)
  cucumber-sinatra
  curb (= 0.7.17)
  haml (= 3.1.4)
  mongo (= 1.5.2)
  sass (= 3.1.12)
  sinatra (= 1.1.0)
  thin (= 1.2.7)
